GEM
  remote: http://rubygems.org/
  specs:
    diff (0.3.6)
    diff-lcs (1.1.2)
    minitest (1.7.1)
    predicated (0.2.1)
    rspec (1.3.0)
    ruby2ruby (1.2.5)
      ruby_parser (~> 2.0)
      sexp_processor (~> 3.0)
    ruby_parser (2.0.5)
      sexp_processor (~> 3.0)
    sexp_processor (3.0.5)
    test-unit (2.1.1)

PLATFORMS
  java
  ruby

DEPENDENCIES
  diff
  diff-lcs
  minitest
  predicated (~> 0.2.1)
  rspec (~> 1)
  ruby2ruby
  ruby_parser
  test-unit
